GEM
  remote: http://rubygems.org/
  specs:
    addressable (2.2.8)
    amatch (0.2.11)
      tins (~> 0.3)
    contest (0.1.3)
    daemons (1.1.9)
    eventmachine (1.0.3)
    flay (2.4.0)
      ruby_parser (~> 3.0)
      sexp_processor (~> 4.0)
    flog (4.2.0)
      ruby_parser (~> 3.1, > 3.1.0)
      sexp_processor (~> 4.4)
    haml (3.1.8)
    hashie (2.0.5)
    hike (1.2.3)
    json (1.6.8)
    launchy (2.0.5)
      addressable (~> 2.2.6)
    linkedin (0.4.6)
      hashie (>= 1.2, < 2.1)
      multi_json (~> 1.0)
      oauth (~> 0.4)
    metaclass (0.0.2)
    mocha (0.14.0)
      metaclass (~> 0.0.1)
    multi_json (1.0.4)
    oauth (0.4.7)
    rack (1.5.2)
    rack-protection (1.5.2)
      rack
    rack-test (0.6.2)
      rack (>= 1.0)
    rake (0.9.6)
    rdoc (4.1.1)
      json (~> 1.4)
    reek (1.3.6)
      ruby2ruby (~> 2.0.7)
      ruby_parser (~> 3.2)
      sexp_processor
    roodi (2.1.0)
      ruby_parser
    ruby2ruby (2.0.7)
      ruby_parser (~> 3.1)
      sexp_processor (~> 4.0)
    ruby_parser (3.3.0)
      sexp_processor (~> 4.1)
    sass (3.1.21)
    sexp_processor (4.4.1)
    simplecov (0.5.4)
      multi_json (~> 1.0.3)
      simplecov-html (~> 0.5.3)
    simplecov-html (0.5.3)
    sinatra (1.4.4)
      rack (~> 1.4)
      rack-protection (~> 1.4)
      tilt (~> 1.3, >= 1.3.4)
    sinatra-linkedin (0.1.1)
      linkedin (~> 0.4.4)
      sinatra (~> 1.4.3)
    sprockets (2.10.1)
      hike (~> 1.2)
      multi_json (~> 1.0)
      rack (~> 1.0)
      tilt (~> 1.1, != 1.3.0)
    thin (1.3.1)
      daemons (>= 1.0.9)
      eventmachine (>= 0.12.6)
      rack (>= 1.0.0)
    tilt (1.4.1)
    tins (0.13.1)

PLATFORMS
  ruby

DEPENDENCIES
  amatch (~> 0.2.10)
  contest (~> 0.1.3)
  flay (~> 2.4.0)
  flog (~> 4.2.0)
  haml (~> 3.1.3)
  json (~> 1.6.5)
  launchy (~> 2.0.5)
  mocha (~> 0.14.0)
  rack-test (~> 0.6.1)
  rake (~> 0.9.2)
  rdoc (~> 4.1.1)
  reek (~> 1.3.6)
  roodi (~> 2.1.0)
  sass (~> 3.1.3)
  simplecov (~> 0.5.4)
  sinatra (~> 1.4.3)
  sinatra-linkedin (~> 0.1.1)
  sprockets (~> 2.0)
  thin (~> 1.3.1)
