GEM
  remote: http://rubygems.org/
  specs:
    addressable (2.3.5)
    amatch (0.3.0)
      tins (~> 1.0)
    contest (0.1.3)
    daemons (1.1.9)
    docile (1.1.5)
    eventmachine (1.0.3)
    flay (2.5.0)
      ruby_parser (~> 3.0)
      sexp_processor (~> 4.0)
    flog (4.3.0)
      ruby_parser (~> 3.1, > 3.1.0)
      sexp_processor (~> 4.4)
    haml (4.0.5)
      tilt
    hashie (2.0.5)
    hike (1.2.3)
    json (1.8.1)
    launchy (2.4.2)
      addressable (~> 2.3)
    linkedin (0.4.6)
      hashie (>= 1.2, < 2.1)
      multi_json (~> 1.0)
      oauth (~> 0.4)
    metaclass (0.0.4)
    mocha (1.1.0)
      metaclass (~> 0.0.1)
    multi_json (1.0.4)
    oauth (0.4.7)
    rack (1.5.2)
    rack-protection (1.5.3)
      rack
    rack-test (0.6.2)
      rack (>= 1.0)
    rainbow (2.0.0)
    rake (10.3.2)
    rdoc (4.1.2)
      json (~> 1.4)
    reek (1.3.8)
      rainbow (>= 1.99, < 3.0)
      ruby2ruby (>= 2.0.8, < 3.0)
      ruby_parser (~> 3.3)
      sexp_processor
    roodi (4.0.0)
      ruby_parser (~> 3.2, >= 3.2.2)
    ruby2ruby (2.1.2)
      ruby_parser (~> 3.1)
      sexp_processor (~> 4.0)
    ruby_parser (3.3.0)
      sexp_processor (~> 4.1)
    sass (3.4.4)
    sexp_processor (4.4.1)
    simplecov (0.9.0)
      docile (~> 1.1.0)
      multi_json
      simplecov-html (~> 0.8.0)
    simplecov-html (0.8.0)
    sinatra (1.4.5)
      rack (~> 1.4)
      rack-protection (~> 1.4)
      tilt (~> 1.3, >= 1.3.4)
    sinatra-linkedin (0.1.1)
      linkedin (~> 0.4.4)
      sinatra (~> 1.4.3)
    sprockets (2.12.2)
      hike (~> 1.2)
      multi_json (~> 1.0)
      rack (~> 1.0)
      tilt (~> 1.1, != 1.3.0)
    thin (1.6.2)
      daemons (>= 1.0.9)
      eventmachine (>= 1.0.0)
      rack (>= 1.0.0)
    tilt (1.4.1)
    tins (1.1.0)

PLATFORMS
  ruby

DEPENDENCIES
  amatch (~> 0.3.0)
  contest (~> 0.1.3)
  flay (~> 2.5.0)
  flog (~> 4.3.0)
  haml (~> 4.0.5)
  json (~> 1.8.1)
  launchy (~> 2.4.2)
  mocha (~> 1.1.0)
  rack-test (~> 0.6.1)
  rake (~> 10.3.2)
  rdoc (~> 4.1.2)
  reek (~> 1.3.8)
  roodi (~> 4.0.0)
  sass (~> 3.4.4)
  simplecov (~> 0.9.0)
  sinatra (~> 1.4.5)
  sinatra-linkedin (~> 0.1.1)
  sprockets (~> 2.12.2)
  thin (~> 1.6.2)
