GEM
  remote: http://rubygems.org/
  specs:
    addressable (2.2.6)
    amatch (0.2.10)
      tins (~> 0.3)
    contest (0.1.3)
    daemons (1.1.6)
    eventmachine (0.12.10)
    flay (1.4.3)
      ruby_parser (~> 2.0)
      sexp_processor (~> 3.0)
    flog (2.5.3)
      ruby_parser (~> 2.0)
      sexp_processor (~> 3.0)
    haml (3.1.4)
    hashie (1.2.0)
    hike (1.2.1)
    json (1.6.5)
    launchy (2.0.5)
      addressable (~> 2.2.6)
    linkedin (0.3.6)
      hashie (~> 1.2.0)
      multi_json (~> 1.0.3)
      oauth (~> 0.4.5)
    metaclass (0.0.1)
    mocha (0.10.3)
      metaclass (~> 0.0.1)
    multi_json (1.0.4)
    oauth (0.4.5)
    rack (1.4.1)
    rack-protection (1.2.0)
      rack
    rack-test (0.6.1)
      rack (>= 1.0)
    rake (0.9.2.2)
    rdoc (3.6.1)
    reek (1.2.8)
      ruby2ruby (~> 1.2)
      ruby_parser (~> 2.0)
      sexp_processor (~> 3.0)
    roodi (2.1.0)
      ruby_parser
    ruby2ruby (1.3.1)
      ruby_parser (~> 2.0)
      sexp_processor (~> 3.0)
    ruby_parser (2.3.1)
      sexp_processor (~> 3.0)
    sass (3.1.14)
    sexp_processor (3.0.10)
    simplecov (0.5.4)
      multi_json (~> 1.0.3)
      simplecov-html (~> 0.5.3)
    simplecov-html (0.5.3)
    sinatra (1.3.2)
      rack (~> 1.3, >= 1.3.6)
      rack-protection (~> 1.2)
      tilt (~> 1.3, >= 1.3.3)
    sprockets (2.1.2)
      hike (~> 1.2)
      rack (~> 1.0)
      tilt (~> 1.1, != 1.3.0)
    thin (1.3.1)
      daemons (>= 1.0.9)
      eventmachine (>= 0.12.6)
      rack (>= 1.0.0)
    tilt (1.3.3)
    tins (0.3.9)

PLATFORMS
  ruby

DEPENDENCIES
  amatch (~> 0.2.10)
  contest (~> 0.1.3)
  flay (~> 1.4.3)
  flog (~> 2.5.3)
  haml (~> 3.1.3)
  json (~> 1.6.5)
  launchy (~> 2.0.5)
  linkedin (~> 0.3.6)
  mocha (~> 0.10.0)
  rack-test (~> 0.6.1)
  rake (~> 0.9.2)
  rdoc (~> 3.6.1)
  reek (~> 1.2.8)
  roodi (~> 2.1.0)
  sass (~> 3.1.3)
  simplecov (~> 0.5.4)
  sinatra (~> 1.3.1)
  sprockets (~> 2.0)
  thin (~> 1.3.1)
