GEM
  remote: http://rubygems.org/
  specs:
    abstract_type (0.0.7)
    adamantium (0.2.0)
      ice_nine (~> 0.11.0)
      memoizable (~> 0.4.0)
    addressable (2.3.6)
    amatch (0.3.0)
      tins (~> 1.0)
    ast (2.0.0)
    concord (0.1.5)
      adamantium (~> 0.2.0)
      equalizer (~> 0.0.9)
    contest (0.1.3)
    daemons (1.1.9)
    diff-lcs (1.2.5)
    docile (1.1.5)
    equalizer (0.0.11)
    eventmachine (1.0.3)
    flay (2.6.1)
      ruby_parser (~> 3.0)
      sexp_processor (~> 4.0)
    flog (4.3.2)
      ruby_parser (~> 3.1, > 3.1.0)
      sexp_processor (~> 4.4)
    haml (4.0.6)
      tilt
    hashie (2.0.5)
    hike (1.2.3)
    ice_nine (0.11.1)
    json (1.8.2)
    launchy (2.4.3)
      addressable (~> 2.3)
    linkedin (0.4.6)
      hashie (>= 1.2, < 2.1)
      multi_json (~> 1.0)
      oauth (~> 0.4)
    memoizable (0.4.2)
      thread_safe (~> 0.3, >= 0.3.1)
    metaclass (0.0.4)
    mocha (1.1.0)
      metaclass (~> 0.0.1)
    multi_json (1.0.4)
    oauth (0.4.7)
    parser (2.2.0.3)
      ast (>= 1.1, < 3.0)
    procto (0.0.2)
    rack (1.6.0)
    rack-protection (1.5.3)
      rack
    rack-test (0.6.3)
      rack (>= 1.0)
    rainbow (2.0.0)
    rake (10.4.2)
    rdoc (4.2.0)
      json (~> 1.4)
    reek (2.0.4)
      parser (~> 2.2)
      rainbow (~> 2.0)
      require_all (~> 1.3)
      unparser (~> 0.2.2)
    require_all (1.3.2)
    roodi (4.1.1)
      ruby_parser (~> 3.2, >= 3.2.2)
    ruby_parser (3.3.0)
      sexp_processor (~> 4.1)
    sass (3.4.13)
    sexp_processor (4.4.1)
    simplecov (0.9.2)
      docile (~> 1.1.0)
      multi_json (~> 1.0)
      simplecov-html (~> 0.9.0)
    simplecov-html (0.9.0)
    sinatra (1.4.6)
      rack (~> 1.4)
      rack-protection (~> 1.4)
      tilt (>= 1.3, < 3)
    sinatra-linkedin (0.1.1)
      linkedin (~> 0.4.4)
      sinatra (~> 1.4.3)
    sprockets (2.12.3)
      hike (~> 1.2)
      multi_json (~> 1.0)
      rack (~> 1.0)
      tilt (~> 1.1, != 1.3.0)
    thin (1.6.3)
      daemons (~> 1.0, >= 1.0.9)
      eventmachine (~> 1.0)
      rack (~> 1.0)
    thread_safe (0.3.5)
    tilt (1.4.1)
    tins (1.1.0)
    unparser (0.2.2)
      abstract_type (~> 0.0.7)
      adamantium (~> 0.2.0)
      concord (~> 0.1.5)
      diff-lcs (~> 1.2.5)
      equalizer (~> 0.0.9)
      parser (~> 2.2.0.2)
      procto (~> 0.0.2)

PLATFORMS
  ruby

DEPENDENCIES
  amatch (~> 0.3.0)
  contest (~> 0.1.3)
  flay (~> 2.6.1)
  flog (~> 4.3.2)
  haml (~> 4.0.6)
  json (~> 1.8.2)
  launchy (~> 2.4.3)
  mocha (~> 1.1.0)
  rack-test (~> 0.6.3)
  rake (~> 10.4.2)
  rdoc (~> 4.2.0)
  reek (~> 2.0.4)
  roodi (~> 4.1.1)
  sass (~> 3.4.13)
  simplecov (~> 0.9.2)
  sinatra (~> 1.4.6)
  sinatra-linkedin (~> 0.1.1)
  sprockets (~> 2.12.3)
  thin (~> 1.6.3)
